PATH
  remote: .
  specs:
    zerg (0.0.1)
      awesome_print
      json-schema
      thor

GEM
  remote: https://rubygems.org/
  specs:
    aruba (0.5.4)
      childprocess (>= 0.3.6)
      cucumber (>= 1.1.1)
      rspec-expectations (>= 2.7.0)
    awesome_print (1.2.0)
    builder (3.2.2)
    childprocess (0.4.0)
      ffi (~> 1.0, >= 1.0.11)
    cucumber (1.3.10)
      builder (>= 2.1.2)
      diff-lcs (>= 1.1.3)
      gherkin (~> 2.12)
      multi_json (>= 1.7.5, < 2.0)
      multi_test (>= 0.0.2)
    diff-lcs (1.2.5)
    ffi (1.9.3)
    gherkin (2.12.2)
      multi_json (~> 1.3)
    json-schema (2.1.3)
    multi_json (1.8.4)
    multi_test (0.0.3)
    rake (10.1.1)
    rspec (2.14.1)
      rspec-core (~> 2.14.0)
      rspec-expectations (~> 2.14.0)
      rspec-mocks (~> 2.14.0)
    rspec-core (2.14.7)
    rspec-expectations (2.14.4)
      diff-lcs (>= 1.1.3, < 2.0)
    rspec-mocks (2.14.4)
    thor (0.18.1)

PLATFORMS
  ruby

DEPENDENCIES
  aruba
  bundler (>= 1.0.0)
  cucumber
  rake
  rspec (~> 2.6)
  zerg!
