PATH
  remote: .
  specs:
    zergrush (0.0.4)
      awesome_print
      highline
      json-schema
      thor
      zergrush_vagrant

GEM
  remote: https://rubygems.org/
  specs:
    aruba (0.5.4)
      childprocess (>= 0.3.6)
      cucumber (>= 1.1.1)
      rspec-expectations (>= 2.7.0)
    awesome_print (1.2.0)
    builder (3.2.2)
    childprocess (0.4.0)
      ffi (~> 1.0, >= 1.0.11)
    cucumber (1.3.10)
      builder (>= 2.1.2)
      diff-lcs (>= 1.1.3)
      gherkin (~> 2.12)
      multi_json (>= 1.7.5, < 2.0)
      multi_test (>= 0.0.2)
    diff-lcs (1.2.5)
    excon (0.28.0)
    ffi (1.9.3)
    fog (1.18.0)
      builder
      excon (~> 0.28.0)
      formatador (~> 0.2.0)
      mime-types
      multi_json (~> 1.0)
      net-scp (~> 1.1)
      net-ssh (>= 2.1.3)
      nokogiri (~> 1.5)
      ruby-hmac
    formatador (0.2.4)
    gherkin (2.12.2)
      multi_json (~> 1.3)
    highline (1.6.20)
    json-schema (2.2.1)
    mime-types (2.0)
    multi_json (1.8.4)
    multi_test (0.0.3)
    net-scp (1.1.2)
      net-ssh (>= 2.6.5)
    net-ssh (2.7.0)
    nokogiri (1.5.11)
    rake (10.1.1)
    rspec (2.14.1)
      rspec-core (~> 2.14.0)
      rspec-expectations (~> 2.14.0)
      rspec-mocks (~> 2.14.0)
    rspec-core (2.14.7)
    rspec-expectations (2.14.4)
      diff-lcs (>= 1.1.3, < 2.0)
    rspec-mocks (2.14.4)
    ruby-hmac (0.4.0)
    ruby-libvirt (0.4.0)
    thor (0.18.1)
    vagrant-aws (0.4.1)
      fog (~> 1.18.0)
    vagrant-libvirt (0.0.15)
      fog (~> 1.15)
      nokogiri (~> 1.5.9)
      ruby-libvirt (~> 0.4.0)
    vagrant-omnibus (1.2.1)
    zergrush_vagrant (0.0.1)
      vagrant-aws
      vagrant-libvirt
      vagrant-omnibus

PLATFORMS
  ruby

DEPENDENCIES
  aruba
  bundler (>= 1.0.0)
  cucumber
  rake
  rspec (~> 2.6)
  zergrush!
